{
  "InstitutionAddress": "Polo III - Health Sciences Campus • Azinhaga Santa Comba, Celas • 3000-548 Coimbra | PORTUGAL ",
  "InstitutionName": "University of Coimbra",
  "InstitutionalDepartmentName": "CIBIT-ICNAS, iCBR, Faculty of Medicine",
  "PowerLineFrequency": 50,
  "ManufacturersModelName": "EEG acquired with 64-channels Quik-Cap, Neuroscan Compumedics. Pupillography acquired with iView X Hi-Speed 1250 system from SMI",
  "TaskName": "simpleRT",
  "ECGChannelCount": 1,
  "EEGChannelCount": 61,
  "EOGChannelCount": 2,
  "EEGReference": "between_Cz_and_CPz",
  "RecordingType": "continuous",
  "RecordingDuration": 512.12,
  "SamplingFrequency": 500,
  "Instructions": "Press the key as soon as the target sound is presented",
  "EMGChannelCount": 0,
  "SoftwareFilters": "n/a"
}